GEM
  remote: https://rubygems.org/
  specs:
    activesupport-inflector (0.1.0)
    awesome_print (1.2.0)
    coderay (1.1.0)
    colorize (0.7.3)
    diff-lcs (1.2.5)
    faker (1.4.3)
      i18n (~> 0.5)
    i18n (0.6.11)
    method_source (0.8.2)
    pry (0.10.1)
      coderay (~> 1.1.0)
      method_source (~> 0.8.1)
      slop (~> 3.4)
    rspec (3.0.0)
      rspec-core (~> 3.0.0)
      rspec-expectations (~> 3.0.0)
      rspec-mocks (~> 3.0.0)
    rspec-core (3.0.4)
      rspec-support (~> 3.0.0)
    rspec-expectations (3.0.4)
      diff-lcs (>= 1.2.0, < 2.0)
      rspec-support (~> 3.0.0)
    rspec-mocks (3.0.4)
      rspec-support (~> 3.0.0)
    rspec-support (3.0.4)
    slop (3.6.0)
    word_wrap (0.2.1)

PLATFORMS
  ruby

DEPENDENCIES
  activesupport-inflector (= 0.1.0)
  awesome_print (= 1.2.0)
  coderay (= 1.1.0)
  colorize (= 0.7.3)
  faker (= 1.4.3)
  pry (= 0.10.1)
  rspec (= 3.0.0)
  word_wrap (= 0.2.1)
